GEM
  remote: https://rubygems.org/
  specs:
    backports (3.3.0)
    capistrano (2.15.2)
      highline
      net-scp (>= 1.0.0)
      net-sftp (>= 2.0.0)
      net-ssh (>= 2.0.14)
      net-ssh-gateway (>= 1.1.0)
    capistrano-unicorn (0.2.0)
      capistrano (< 3.0)
    daemons (1.1.9)
    diff-lcs (1.2.2)
    eventmachine (1.0.3)
    highline (1.6.20)
    json_spec (1.0.0)
      multi_json (~> 1.0)
      rspec (~> 2.0)
    kgio (2.9.2)
    multi_json (1.7.2)
    net-scp (1.1.2)
      net-ssh (>= 2.6.5)
    net-sftp (2.1.2)
      net-ssh (>= 2.6.5)
    net-ssh (2.7.0)
    net-ssh-gateway (1.2.0)
      net-ssh (>= 2.6.5)
    rack (1.5.2)
    rack-protection (1.5.0)
      rack
    rack-test (0.6.2)
      rack (>= 1.0)
    raindrops (0.13.0)
    rake (0.9.2.2)
    redis (3.0.4)
    rspec (2.13.0)
      rspec-core (~> 2.13.0)
      rspec-expectations (~> 2.13.0)
      rspec-mocks (~> 2.13.0)
    rspec-core (2.13.1)
    rspec-expectations (2.13.0)
      diff-lcs (>= 1.1.3, < 2.0)
    rspec-mocks (2.13.1)
    rspec-redis_helper (0.1.2)
      redis
    rvm-capistrano (1.3.0)
      capistrano (>= 2.0.0)
    shotgun (0.9)
      rack (>= 1.0)
    sinatra (1.4.2)
      rack (~> 1.5, >= 1.5.2)
      rack-protection (~> 1.4)
      tilt (~> 1.3, >= 1.3.4)
    sinatra-contrib (1.4.0)
      backports (>= 2.0)
      eventmachine
      rack-protection
      rack-test
      sinatra (~> 1.4.2)
      tilt (~> 1.3)
    thin (1.5.1)
      daemons (>= 1.0.9)
      eventmachine (>= 0.12.6)
      rack (>= 1.0.0)
    tilt (1.4.1)
    unicorn (4.6.2)
      kgio (~> 2.6)
      rack
      raindrops (~> 0.7)

PLATFORMS
  ruby

DEPENDENCIES
  capistrano (= 2.15.2)
  capistrano-unicorn
  json_spec
  multi_json
  rack-test
  rake
  redis (= 3.0.4)
  rspec
  rspec-redis_helper
  rvm-capistrano
  shotgun
  sinatra (= 1.4.2)
  sinatra-contrib (= 1.4.0)
  thin
  unicorn (= 4.6.2)
